GEM
  remote: https://rubygems.org/
  specs:
    backports (3.6.8)
    call-me (0.0.2.3)
      refining
    coderay (1.1.1)
    dotenv (2.1.1)
    ffi (1.9.14)
    ffi-extra (0.1.0)
      ffi
    ffi-inline (0.0.4.3)
      ffi (>= 0.4.0)
    foreman (0.82.0)
      thor (~> 0.19.1)
    iso-639 (0.2.8)
    method_source (0.8.2)
    multi_json (1.12.1)
    pry (0.10.4)
      coderay (~> 1.1.0)
      method_source (~> 0.8.1)
      slop (~> 3.4)
    puma (3.6.2)
    rack (1.6.5)
    rack-protection (1.5.3)
      rack
    rack-test (0.6.3)
      rack (>= 1.0)
    refining (0.0.5.5)
    sinatra (1.4.7)
      rack (~> 1.5)
      rack-protection (~> 1.4)
      tilt (>= 1.3, < 3)
    sinatra-contrib (1.4.7)
      backports (>= 2.0)
      multi_json
      rack-protection
      rack-test
      sinatra (~> 1.4.0)
      tilt (>= 1.3, < 3)
    slim (3.0.7)
      temple (~> 0.7.6)
      tilt (>= 1.3.3, < 2.1)
    slop (3.6.0)
    temple (0.7.7)
    tesseract-ocr (0.1.8)
      call-me
      ffi-extra
      ffi-inline
      iso-639
    thor (0.19.1)
    tilt (2.0.5)

PLATFORMS
  ruby

DEPENDENCIES
  dotenv
  foreman
  pry
  puma
  sinatra
  sinatra-contrib
  slim
  tesseract-ocr

RUBY VERSION
   ruby 2.3.0p0

BUNDLED WITH
   1.13.6
